GEM
  remote: https://rubygems.org/
  specs:
    motion-gradle (1.4.0)
    rake (10.4.2)

PLATFORMS
  ruby

DEPENDENCIES
  motion-gradle
  rake

BUNDLED WITH
   1.10.6
